GEM
  remote: http://rubygems.org/
  specs:
    coderay (1.0.7)
    diff-lcs (1.1.2)
    method_source (0.8)
    pry (0.9.10)
      coderay (~> 1.0.5)
      method_source (~> 0.8)
      slop (~> 3.3.1)
    rake (0.9.2)
    redis (2.2.2)
    rspec (2.6.0)
      rspec-core (~> 2.6.0)
      rspec-expectations (~> 2.6.0)
      rspec-mocks (~> 2.6.0)
    rspec-core (2.6.4)
    rspec-expectations (2.6.0)
      diff-lcs (~> 1.1.2)
    rspec-mocks (2.6.0)
    slop (3.3.2)

PLATFORMS
  ruby

DEPENDENCIES
  pry
  rake
  redis
  rspec
